PATH
  remote: .
  specs:
    solrsan (0.0.33)
      activemodel (~> 3.1.1)
      activesupport (~> 3.1.1)
      rsolr (~> 1.0.3)

GEM
  remote: http://rubygems.org/
  specs:
    activemodel (3.1.1)
      activesupport (= 3.1.1)
      builder (~> 3.0.0)
      i18n (~> 0.6)
    activesupport (3.1.1)
      multi_json (~> 1.0)
    builder (3.0.0)
    i18n (0.6.0)
    multi_json (1.0.3)
    rsolr (1.0.3)
      builder (= 3.0.0)
      builder (>= 2.1.2)

PLATFORMS
  ruby

DEPENDENCIES
  solrsan!
